GEM
  remote: https://rubygems.org/
  specs:
    base64 (0.2.0)
    benchmark-ips (2.14.0)
    bigdecimal (3.1.9)
    concurrent-ruby (1.3.5)
    connection_pool (2.5.0)
    derailed_benchmarks (2.2.1)
      base64
      benchmark-ips (~> 2)
      bigdecimal
      drb
      get_process_mem
      heapy (~> 0)
      logger
      memory_profiler (>= 0, < 2)
      mini_histogram (>= 0.3.0)
      mutex_m
      ostruct
      rack (>= 1)
      rack-test
      rake (> 10, < 14)
      ruby-statistics (>= 4.0.1)
      ruby2_keywords
      thor (>= 0.19, < 2)
    domain_name (0.6.20240107)
    drb (2.2.1)
    ffi (1.17.1)
    get_process_mem (1.0.0)
      bigdecimal (>= 2.0)
      ffi (~> 1.0)
    heapy (0.2.0)
      thor
    http-accept (1.7.0)
    http-cookie (1.0.8)
      domain_name (~> 0.5)
    i18n (1.14.7)
      concurrent-ruby (~> 1.0)
    json (2.9.1)
    logger (1.6.5)
    memory_profiler (1.1.0)
    mime-types (3.6.0)
      logger
      mime-types-data (~> 3.2015)
    mime-types-data (3.2025.0107)
    mini_histogram (0.3.1)
    multi_json (1.15.0)
    mustermann (3.0.3)
      ruby2_keywords (~> 0.0.1)
    mutex_m (0.3.0)
    natto (1.2.0)
      ffi (>= 1.9.0)
    netrc (0.11.0)
    nio4r (2.7.4)
    ostruct (0.6.1)
    puma (6.5.0)
      nio4r (~> 2.0)
    rack (3.1.8)
    rack-protection (4.1.1)
      base64 (>= 0.1.0)
      logger (>= 1.6.0)
      rack (>= 3.0.0, < 4)
    rack-session (2.1.0)
      base64 (>= 0.1.0)
      rack (>= 3.0.0)
    rack-test (2.2.0)
      rack (>= 1.3)
    rake (13.2.1)
    redis (5.3.0)
      redis-client (>= 0.22.0)
    redis-client (0.23.2)
      connection_pool
    rest-client (2.1.0)
      http-accept (>= 1.7.0, < 2.0)
      http-cookie (>= 1.0.2, < 2.0)
      mime-types (>= 1.16, < 4.0)
      netrc (~> 0.8)
    ruby-statistics (4.1.0)
    ruby2_keywords (0.0.5)
    rubysl-date (1.0.1)
    rubysl-parsedate (1.0.1)
      rubysl-date (~> 1.0)
    sinatra (4.1.1)
      logger (>= 1.6.0)
      mustermann (~> 3.0)
      rack (>= 3.0.0, < 4)
      rack-protection (= 4.1.1)
      rack-session (>= 2.0.0, < 3)
      tilt (~> 2.0)
    sinatra-contrib (4.1.1)
      multi_json (>= 0.0.2)
      mustermann (~> 3.0)
      rack-protection (= 4.1.1)
      sinatra (= 4.1.1)
      tilt (~> 2.0)
    thor (1.3.2)
    tilt (2.6.0)

PLATFORMS
  x86_64-linux

DEPENDENCIES
  derailed_benchmarks
  i18n
  json
  natto
  puma
  rake
  redis
  rest-client
  rubysl-parsedate
  sinatra
  sinatra-contrib

RUBY VERSION
   ruby 3.1.2p20

BUNDLED WITH
   2.4.19
